GEM
  remote: https://rubygems.org/
  specs:
    childprocess (3.0.0)
    coderay (1.1.2)
    method_source (1.0.0)
    mini_portile2 (2.6.1)
    nokogiri (1.12.5)
      mini_portile2 (~> 2.6.1)
      racc (~> 1.4)
    pry (0.13.0)
      coderay (~> 1.1)
      method_source (~> 1.0)
    racc (1.5.2)
    regexp_parser (1.7.0)
    rubyzip (2.3.0)
    selenium-webdriver (3.142.7)
      childprocess (>= 0.5, < 4.0)
      rubyzip (>= 1.2.2)
    watir (6.16.5)
      regexp_parser (~> 1.2)
      selenium-webdriver (~> 3.6)

PLATFORMS
  ruby

DEPENDENCIES
  nokogiri
  pry
  watir

RUBY VERSION
   ruby 2.5.1p57

BUNDLED WITH
   1.16.1
